GEM
  remote: https://rubygems.org/
  specs:
    eventmachine (1.0.3)
    faye-websocket (0.7.3)
      eventmachine (>= 0.12.0)
      websocket-driver (>= 0.3.1)
    passenger (5.0.18)
      rack
      rake (>= 0.8.1)
    rack (1.6.4)
    rake (10.4.2)
    websocket-driver (0.3.3)

PLATFORMS
  ruby

DEPENDENCIES
  faye-websocket
  passenger
  rack
